PATH
  remote: .
  specs:
    raavi (0.0.1)
      activesupport (~> 3.0.0)

GEM
  remote: http://rubygems.org/
  specs:
    activesupport (3.0.1)

PLATFORMS
  java

DEPENDENCIES
  activesupport (~> 3.0.0)
  raavi!
